GEM
  remote: http://rubygems.org/
  specs:
    json (2.3.0)
    json-schema (0.9.11)
    minitest (2.7.0)

PLATFORMS
  ruby

DEPENDENCIES
  json
  json-schema
  minitest
