GEM
  remote: http://rubygems.org/
  specs:
    json (1.6.8)
    json-schema (0.9.11)
    minitest (2.7.0)

PLATFORMS
  ruby

DEPENDENCIES
  json
  json-schema
  minitest
